GEM
  remote: https://rubygems.org/
  specs:
    basiccache (1.0.0)
    byebug (11.1.3)
    coderay (1.1.3)
    githubchart (4.0.0)
      githubstats (~> 4.0.1)
      matrix (~> 0.4.2)
      svgplot (~> 1.0.0)
    githubstats (4.0.1)
      basiccache (~> 1.0.0)
      nokogiri (~> 1.15.3)
    matrix (0.4.2)
    method_source (1.0.0)
    mini_magick (4.12.0)
    mini_portile2 (2.8.5)
    multi_json (1.15.0)
    mustermann (3.0.0)
      ruby2_keywords (~> 0.0.1)
    nio4r (2.6.1)
    nokogiri (1.15.5)
      mini_portile2 (~> 2.8.2)
      racc (~> 1.4)
    ox (2.14.17)
    pry (0.14.2)
      coderay (~> 1.1)
      method_source (~> 1.0)
    pry-byebug (3.10.1)
      byebug (~> 11.0)
      pry (>= 0.13, < 0.15)
    puma (6.4.0)
      nio4r (~> 2.0)
    racc (1.7.3)
    rack (2.2.8)
    rack-protection (3.1.0)
      rack (~> 2.2, >= 2.2.4)
    ruby2_keywords (0.0.5)
    sinatra (3.1.0)
      mustermann (~> 3.0)
      rack (~> 2.2, >= 2.2.4)
      rack-protection (= 3.1.0)
      tilt (~> 2.0)
    sinatra-contrib (3.1.0)
      multi_json
      mustermann (~> 3.0)
      rack-protection (= 3.1.0)
      sinatra (= 3.1.0)
      tilt (~> 2.0)
    svgplot (1.0.0)
    tilt (2.3.0)

PLATFORMS
  ruby

DEPENDENCIES
  githubchart
  mini_magick
  ox
  pry-byebug
  puma
  sinatra
  sinatra-contrib

BUNDLED WITH
   2.4.10
