GEM
  remote: https://rubygems.org/
  specs:
    backports (3.8.0)
    basiccache (1.0.0)
    curb (0.9.4)
    githubchart (3.1.0)
      githubstats (~> 2.0.0)
      svgplot (~> 1.0.0)
    githubstats (2.0.0)
      basiccache (~> 1.0.0)
      curb (~> 0.9.0)
      nokogiri (~> 1.8.0)
    mini_magick (4.8.0)
    mini_portile2 (2.3.0)
    multi_json (1.13.1)
    mustermann (1.0.1)
    nokogiri (1.8.2)
      mini_portile2 (~> 2.3.0)
    ox (2.9.0)
    rack (2.0.4)
    rack-protection (2.0.0)
      rack
    sinatra (2.0.0)
      mustermann (~> 1.0)
      rack (~> 2.0)
      rack-protection (= 2.0.0)
      tilt (~> 2.0)
    sinatra-contrib (2.0.0)
      backports (>= 2.0)
      multi_json
      mustermann (~> 1.0)
      rack-protection (= 2.0.0)
      sinatra (= 2.0.0)
      tilt (>= 1.3, < 3)
    svgplot (1.0.0)
    tilt (2.0.8)

PLATFORMS
  ruby

DEPENDENCIES
  githubchart
  mini_magick
  ox
  sinatra
  sinatra-contrib

BUNDLED WITH
   1.13.7
