GEM
  remote: https://rubygems.org/
  specs:
    backports (3.15.0)
    basiccache (1.0.0)
    curb (0.9.10)
    githubchart (3.1.0)
      githubstats (~> 2.0.0)
      svgplot (~> 1.0.0)
    githubstats (2.0.0)
      basiccache (~> 1.0.0)
      curb (~> 0.9.0)
      nokogiri (~> 1.8.0)
    mini_magick (4.9.5)
    mini_portile2 (2.3.0)
    multi_json (1.13.1)
    mustermann (1.0.3)
    nio4r (2.5.2)
    nokogiri (1.8.5)
      mini_portile2 (~> 2.3.0)
    ox (2.11.0)
    puma (4.2.0)
      nio4r (~> 2.0)
    rack (2.0.8)
    rack-protection (2.0.7)
      rack
    sinatra (2.0.7)
      mustermann (~> 1.0)
      rack (~> 2.0)
      rack-protection (= 2.0.7)
      tilt (~> 2.0)
    sinatra-contrib (2.0.7)
      backports (>= 2.8.2)
      multi_json
      mustermann (~> 1.0)
      rack-protection (= 2.0.7)
      sinatra (= 2.0.7)
      tilt (~> 2.0)
    svgplot (1.0.0)
    tilt (2.0.10)

PLATFORMS
  ruby

DEPENDENCIES
  githubchart
  mini_magick
  ox
  puma
  sinatra
  sinatra-contrib

BUNDLED WITH
   1.17.3
